PATH
  remote: .
  specs:
    wubook_wired (1.0.1)

GEM
  remote: https://rubygems.org/
  specs:
    diff-lcs (1.2.5)
    metaclass (0.0.4)
    mocha (0.14.0)
      metaclass (~> 0.0.1)
    rspec (2.99.0)
      rspec-core (~> 2.99.0)
      rspec-expectations (~> 2.99.0)
      rspec-mocks (~> 2.99.0)
    rspec-core (2.99.2)
    rspec-expectations (2.99.2)
      diff-lcs (>= 1.1.3, < 2.0)
    rspec-mocks (2.99.3)

PLATFORMS
  ruby

DEPENDENCIES
  mocha (~> 0.13)
  rspec (~> 2.12)
  wubook_wired!
